GEM
  remote: https://rubygems.org/
  specs:
    actionmailer (3.2.12)
      actionpack (= 3.2.12)
      mail (~> 2.4.4)
    actionpack (3.2.12)
      activemodel (= 3.2.12)
      activesupport (= 3.2.12)
      builder (~> 3.0.0)
      erubis (~> 2.7.0)
      journey (~> 1.0.4)
      rack (~> 1.4.5)
      rack-cache (~> 1.2)
      rack-test (~> 0.6.1)
      sprockets (~> 2.2.1)
    activemodel (3.2.12)
      activesupport (= 3.2.12)
      builder (~> 3.0.0)
    activerecord (3.2.12)
      activemodel (= 3.2.12)
      activesupport (= 3.2.12)
      arel (~> 3.0.2)
      tzinfo (~> 0.3.29)
    activeresource (3.2.12)
      activemodel (= 3.2.12)
      activesupport (= 3.2.12)
    activesupport (3.2.12)
      i18n (~> 0.6)
      multi_json (~> 1.0)
    addressable (2.3.2)
    airbrake (3.1.6)
      builder
      girl_friday
    arel (3.0.3)
    backup (3.4.0)
      open4 (~> 1.3.0)
      thor (>= 0.15.4, < 2)
    builder (3.0.4)
    capistrano (2.13.5)
      highline
      net-scp (>= 1.0.0)
      net-sftp (>= 2.0.0)
      net-ssh (>= 2.0.14)
      net-ssh-gateway (>= 1.1.0)
    chartkick (0.0.3)
      railties (>= 3.1)
    chronic (0.9.0)
    coffee-rails (3.2.2)
      coffee-script (>= 2.2.0)
      railties (~> 3.2.0)
    coffee-script (2.2.0)
      coffee-script-source
      execjs
    coffee-script-source (1.4.0)
    connection_pool (0.9.3)
    crack (0.3.2)
    daemons (1.1.9)
    dalli (2.6.4)
    delayed_job (3.0.3)
      activesupport (~> 3.0)
    delayed_job_active_record (0.3.2)
      activerecord (> 2.1.0)
      delayed_job (~> 3.0.0)
    dotenv (0.7.0)
    dropbox-sdk (1.6.5)
      json
    erubis (2.7.0)
    eventmachine (1.2.0.1)
    execjs (1.4.0)
      multi_json (~> 1.0)
    faraday (0.8.6)
      multipart-post (~> 1.1)
    fast_gettext (0.7.0)
    foreman (0.63.0)
      dotenv (>= 0.7)
      thor (>= 0.13.6)
    friendly_id (4.0.9)
    gettext (2.3.9)
      locale
      text
    gettext_i18n_rails (0.9.4)
      fast_gettext (>= 0.4.8)
    girl_friday (0.11.1)
      connection_pool (~> 0.9.0)
      rubinius-actor
    groupdate (2.4.0)
      activesupport (>= 3)
    hashie (1.2.0)
    highline (1.6.15)
    hike (1.2.1)
    httparty (0.8.3)
      multi_json (~> 1.0)
      multi_xml
    httpauth (0.2.0)
    i18n (0.7.0)
    journey (1.0.4)
    jquery-rails (2.1.4)
      railties (>= 3.0, < 5.0)
      thor (>= 0.14, < 2.0)
    json (1.8.3)
    jwt (0.1.8)
      multi_json (>= 1.5)
    kgio (2.10.0)
    koala (1.6.0)
      addressable (~> 2.2)
      faraday (~> 0.8)
      multi_json (~> 1.3)
    libv8 (3.16.14.13)
    locale (2.0.8)
    madmimi (1.0.16)
      crack (> 0.1.7)
    mail (2.4.4)
      i18n (>= 0.4.0)
      mime-types (~> 1.16)
      treetop (~> 1.4.8)
    mime-types (1.21)
    multi_json (1.10.1)
    multi_xml (0.5.1)
    multipart-post (1.2.0)
    mysql2 (0.4.3)
    net-scp (1.0.4)
      net-ssh (>= 1.99.1)
    net-sftp (2.0.5)
      net-ssh (>= 2.0.9)
    net-ssh (2.6.2)
    net-ssh-gateway (1.1.0)
      net-ssh (>= 1.99.1)
    newrelic_rpm (3.6.5.130)
    nokogiri (1.5.6)
    oauth2 (0.8.1)
      faraday (~> 0.8)
      httpauth (~> 0.1)
      jwt (~> 0.1.4)
      multi_json (~> 1.0)
      rack (~> 1.2)
    omniauth (1.1.3)
      hashie (~> 1.2)
      rack
    omniauth-facebook (1.4.0)
      omniauth-oauth2 (~> 1.0.2)
    omniauth-oauth2 (1.0.3)
      oauth2 (~> 0.8.0)
      omniauth (~> 1.0)
    open4 (1.3.4)
    polyglot (0.3.3)
    query_reviewer (0.1.8)
    quiet_assets (1.0.1)
      railties (~> 3.1)
    rabl (0.8.6)
      activesupport (>= 2.3.14)
    rack (1.4.5)
    rack-cache (1.2)
      rack (>= 0.4)
    rack-ssl (1.3.3)
      rack
    rack-test (0.6.2)
      rack (>= 1.0)
    rails (3.2.12)
      actionmailer (= 3.2.12)
      actionpack (= 3.2.12)
      activerecord (= 3.2.12)
      activeresource (= 3.2.12)
      activesupport (= 3.2.12)
      bundler (~> 1.0)
      railties (= 3.2.12)
    railties (3.2.12)
      actionpack (= 3.2.12)
      activesupport (= 3.2.12)
      rack-ssl (~> 1.3.2)
      rake (>= 0.8.7)
      rdoc (~> 3.4)
      thor (>= 0.14.6, < 2.0)
    raindrops (0.10.0)
    rake (10.0.3)
    rdoc (3.12.2)
      json (~> 1.4)
    ref (2.0.0)
    rubinius-actor (0.0.2)
      rubinius-core-api
    rubinius-core-api (0.0.1)
    ruby_parser (3.1.3)
      sexp_processor (~> 4.1)
    sass (3.2.4)
    sass-rails (3.2.5)
      railties (~> 3.2.0)
      sass (>= 3.1.10)
      tilt (~> 1.3)
    sexp_processor (4.2.1)
    sitemap_generator (3.4)
      builder
    sprockets (2.2.2)
      hike (~> 1.2)
      multi_json (~> 1.0)
      rack (~> 1.0)
      tilt (~> 1.1, != 1.3.0)
    text (1.2.1)
    therubyracer (0.12.2)
      libv8 (~> 3.16.14.0)
      ref
    thin (1.5.0)
      daemons (>= 1.0.9)
      eventmachine (>= 0.12.6)
      rack (>= 1.0.0)
    thor (0.19.1)
    tilt (1.3.6)
    treetop (1.4.12)
      polyglot
      polyglot (>= 0.3.1)
    tzinfo (0.3.43)
    uglifier (1.3.0)
      execjs (>= 0.3.0)
      multi_json (~> 1.0, >= 1.0.2)
    unicorn (4.5.0)
      kgio (~> 2.6)
      rack
      raindrops (~> 0.7)
    whenever (0.8.1)
      activesupport (>= 2.3.4)
      chronic (>= 0.6.3)

PLATFORMS
  ruby

DEPENDENCIES
  airbrake
  backup
  capistrano
  chartkick
  coffee-rails (~> 3.2.1)
  daemons
  dalli
  delayed_job_active_record
  dropbox-sdk
  foreman
  friendly_id
  gettext
  gettext_i18n_rails
  groupdate
  httparty
  jquery-rails
  json
  kgio
  koala
  libv8
  madmimi
  mysql2
  newrelic_rpm
  nokogiri
  omniauth-facebook (= 1.4.0)
  query_reviewer
  quiet_assets
  rabl
  rails (= 3.2.12)
  ruby_parser
  sass-rails (~> 3.2.3)
  sitemap_generator
  therubyracer
  thin
  uglifier (>= 1.0.3)
  unicorn
  whenever

BUNDLED WITH
   1.11.2
